GEM
  remote: http://rubygems.org/
  specs:
    adsf (1.0.1)
      rack (>= 1.0.0)
    blankslate (2.1.2.4)
    builder (3.0.0)
    cri (2.2.0)
    ffi (1.0.11)
    foreman (0.30.1)
      term-ansicolor (~> 1.0.5)
      thor (>= 0.13.6)
    fssm (0.2.7)
    nanoc (3.3.1)
      cri (~> 2.1)
    pygments.rb (0.2.4)
      rubypython (~> 0.5.3)
    rack (1.3.5)
    rake (0.9.2.2)
    rb-fsevent (0.4.3.1)
    redcarpet (2.0.1)
    rubypython (0.5.3)
      blankslate (>= 2.1.2.3)
      ffi (~> 1.0.7)
    term-ansicolor (1.0.7)
    thor (0.14.6)
    yajl-ruby (1.1.0)

PLATFORMS
  ruby

DEPENDENCIES
  adsf
  builder
  foreman
  fssm
  nanoc (>= 3.3.0)
  pygments.rb
  rake
  rb-fsevent
  redcarpet (>= 2.0.0)
  yajl-ruby
